PATH
  remote: .
  specs:
    resto (0.0.1)
      hamster (~> 0.4.3)
      virtus (~> 0.5.2)

GEM
  remote: https://rubygems.org/
  specs:
    backports (2.6.4)
    diff-lcs (1.1.3)
    hamster (0.4.3)
    rspec (2.11.0)
      rspec-core (~> 2.11.0)
      rspec-expectations (~> 2.11.0)
      rspec-mocks (~> 2.11.0)
    rspec-core (2.11.1)
    rspec-expectations (2.11.3)
      diff-lcs (~> 1.1.3)
    rspec-mocks (2.11.3)
    virtus (0.5.2)
      backports (~> 2.6.1)

PLATFORMS
  java
  ruby

DEPENDENCIES
  resto!
  rspec (~> 2.11.0)
